GEM
  remote: https://rubygems.org/
  specs:
    activemodel (3.2.15)
      activesupport (= 3.2.15)
      builder (~> 3.0.0)
    activesupport (3.2.15)
      i18n (~> 0.6, >= 0.6.4)
      multi_json (~> 1.0)
    bcrypt-ruby (3.1.2)
    builder (3.0.4)
    chunky_png (1.2.9)
    compass (0.12.2)
      chunky_png (~> 1.2)
      fssm (>= 0.2.7)
      sass (~> 3.1)
    dotenv (0.8.0)
    foreman (0.63.0)
      dotenv (>= 0.7)
      thor (>= 0.13.6)
    fssm (0.2.10)
    http_router (0.11.0)
      rack (>= 1.0.0)
      url_mount (~> 0.2.1)
    httparty (0.11.0)
      multi_json (~> 1.0)
      multi_xml (>= 0.5.2)
    i18n (0.6.5)
    mail (2.5.4)
      mime-types (~> 1.16)
      treetop (~> 1.4.8)
    mime-types (1.25)
    mongoid (3.0.23)
      activemodel (~> 3.1)
      moped (~> 1.2)
      origin (~> 1.0)
      tzinfo (~> 0.3.22)
    mongoid_slug (3.1.2)
      mongoid (> 3.0)
      stringex (~> 1.4)
    moped (1.5.1)
    multi_json (1.8.2)
    multi_xml (0.5.5)
    oj (2.1.7)
    origin (1.1.0)
    padrino (0.11.2)
      padrino-admin (= 0.11.2)
      padrino-cache (= 0.11.2)
      padrino-core (= 0.11.2)
      padrino-gen (= 0.11.2)
      padrino-helpers (= 0.11.2)
      padrino-mailer (= 0.11.2)
    padrino-admin (0.11.2)
      padrino-core (= 0.11.2)
      padrino-helpers (= 0.11.2)
    padrino-cache (0.11.2)
      padrino-core (= 0.11.2)
      padrino-helpers (= 0.11.2)
    padrino-core (0.11.2)
      activesupport (>= 3.1.0)
      http_router (~> 0.11.0)
      rack-protection (>= 1.5.0)
      sinatra (~> 1.4.2)
      thor (~> 0.17.0)
      tilt (~> 1.3.7)
    padrino-gen (0.11.2)
      bundler (~> 1.0)
      padrino-core (= 0.11.2)
    padrino-helpers (0.11.2)
      i18n (~> 0.6)
      padrino-core (= 0.11.2)
    padrino-mailer (0.11.2)
      mail (~> 2.5.3)
      padrino-core (= 0.11.2)
    polyglot (0.3.3)
    rack (1.5.2)
    rack-protection (1.5.1)
      rack
    rake (10.1.0)
    sass (3.2.12)
    sinatra (1.4.4)
      rack (~> 1.4)
      rack-protection (~> 1.4)
      tilt (~> 1.3, >= 1.3.4)
    stringex (1.5.1)
    thor (0.17.0)
    tilt (1.3.7)
    treetop (1.4.15)
      polyglot
      polyglot (>= 0.3.1)
    tzinfo (0.3.38)
    url_mount (0.2.1)
      rack

PLATFORMS
  ruby

DEPENDENCIES
  bcrypt-ruby
  compass
  foreman
  httparty
  mongoid (~> 3.0.0)
  mongoid_slug
  oj
  padrino (= 0.11.2)
  rake
